{
    "Modality": "MR", 
    "MagneticFieldStrength": 3, 
    "ImagingFrequency": 123.197, 
    "Manufacturer": "Siemens", 
    "ManufacturersModelName": "Verio", 
    "InstitutionName": "CHU_PONTCHAILLOU", 
    "InstitutionalDepartmentName": "Department", 
    "InstitutionAddress": "Henri_le_Guilloux_2_Rennes_2A6CA1_District_FR_35000", 
    "DeviceSerialNumber": "40296", 
    "StationName": "MRC40296", 
    "PatientPosition": "HFS", 
    "ProcedureStepDescription": "OSS-IRM", 
    "SoftwareVersions": "syngo_MR_B17", 
    "MRAcquisitionType": "2D", 
    "SeriesDescription": "NF3_bold_eeg_2X8x20s_TR1s_16_coupes", 
    "ProtocolName": "NF3_bold_eeg_2X8x20s_TR1s_16_coupes", 
    "ScanningSequence": "EP", 
    "SequenceVariant": "SK", 
    "ScanOptions": "FS", 
    "SequenceName": "_epfid2d1_106", 
    "ImageType": [
        "ORIGINAL", 
        "PRIMARY", 
        "M", 
        "ND", 
        "MOSAIC"
    ], 
    "SeriesNumber": 20, 
    "AcquisitionTime": "19:07:29.750000", 
    "AcquisitionNumber": 1, 
    "SliceThickness": 4, 
    "SpacingBetweenSlices": 4, 
    "SAR": 0.0532729, 
    "EchoTime": 0.023, 
    "RepetitionTime": 1, 
    "FlipAngle": 90, 
    "PartialFourier": 1, 
    "BaseResolution": 106, 
    "ShimSetting": [
        1016, 
        13420, 
        -6656, 
        353, 
        -595, 
        -783, 
        940, 
        365
    ], 
    "TxRefAmp": 450.006, 
    "PhaseResolution": 1, 
    "ReceiveCoilName": "HeadMatrix", 
    "CoilString": "T:HEA;HEP", 
    "PulseSequenceDetails": "%SiemensSeq%_ep2d_bold", 
    "RefLinesPE": 24, 
    "PercentPhaseFOV": 100, 
    "PhaseEncodingSteps": 106, 
    "AcquisitionMatrixPE": 106, 
    "ReconMatrixPE": 106, 
    "BandwidthPerPixelPhaseEncode": 27.345, 
    "ParallelReductionFactorInPlane": 2, 
    "EffectiveEchoSpacing": 0.000344998, 
    "DerivedVendorReportedEchoSpacing": 0.000689995, 
    "TotalReadoutTime": 0.0362248, 
    "PixelBandwidth": 1685, 
    "DwellTime": 2.8e-06, 
    "PhaseEncodingDirection": "j-", 
    "SliceTiming": [
        0.5025, 
        0, 
        0.565, 
        0.0625, 
        0.6275, 
        0.125, 
        0.69, 
        0.1875, 
        0.7525, 
        0.2525, 
        0.815, 
        0.315, 
        0.8775, 
        0.3775, 
        0.94, 
        0.44
    ], 
    "ImageOrientationPatientDICOM": [
        0.99759, 
        0.0650084, 
        0.0242646, 
        -0.0540276, 
        0.94713, 
        -0.316267
    ], 
    "InPlanePhaseEncodingDirectionDICOM": "COL", 
    "ConversionSoftware": "dcm2niix", 
    "ConversionSoftwareVersion": "v1.0.20190720  GCC7.4.0", 
    "Dcm2bidsVersion": "2.1.4"
}